PATH
  remote: .
  specs:
    xrpc (0.0.1)
      date
      httparty
      json (>= 2.0)

GEM
  remote: https://rubygems.org/
  specs:
    date (3.3.3)
    httparty (0.21.0)
      mini_mime (>= 1.0.0)
      multi_xml (>= 0.5.2)
    json (2.6.3)
    mini_mime (1.1.2)
    multi_xml (0.6.0)
    rake (13.0.6)

PLATFORMS
  x86_64-darwin-22

DEPENDENCIES
  rake (~> 13.0)
  xrpc!

BUNDLED WITH
   2.4.10
