PATH
  remote: .
  specs:
    xrpc (0.1.7.2)
      date
      httparty
      json (>= 2.0)

GEM
  remote: https://rubygems.org/
  specs:
    ast (2.4.2)
    date (3.3.3)
    diff-lcs (1.5.0)
    erubi (1.12.0)
    httparty (0.21.0)
      mini_mime (>= 1.0.0)
      multi_xml (>= 0.5.2)
    json (2.6.3)
    mini_mime (1.1.2)
    multi_xml (0.6.0)
    netrc (0.11.0)
    parallel (1.23.0)
    parser (3.2.2.3)
      ast (~> 2.4.1)
      racc
    prettier_print (1.2.1)
    racc (1.7.1)
    rake (13.0.6)
    rbi (0.0.16)
      ast
      parser (>= 2.6.4.0)
      sorbet-runtime (>= 0.5.9204)
      unparser
    sorbet (0.5.10908)
      sorbet-static (= 0.5.10908)
    sorbet-runtime (0.5.10908)
    sorbet-static (0.5.10908-universal-darwin-22)
    sorbet-static (0.5.10908-x86_64-linux)
    sorbet-static-and-runtime (0.5.10908)
      sorbet (= 0.5.10908)
      sorbet-runtime (= 0.5.10908)
    spoom (1.2.2)
      erubi (>= 1.10.0)
      sorbet (>= 0.5.10187)
      sorbet-runtime (>= 0.5.9204)
      syntax_tree (>= 6.1.1)
      thor (>= 0.19.2)
    syntax_tree (6.1.1)
      prettier_print (>= 1.2.0)
    tapioca (0.11.7)
      bundler (>= 2.2.25)
      netrc (>= 0.11.0)
      parallel (>= 1.21.0)
      rbi (~> 0.0.0, >= 0.0.16)
      sorbet-static-and-runtime (>= 0.5.10187)
      spoom (~> 1.2.0, >= 1.2.0)
      thor (>= 1.2.0)
      yard-sorbet
    thor (1.2.2)
    unparser (0.6.8)
      diff-lcs (~> 1.3)
      parser (>= 3.2.0)
    yard (0.9.35)
    yard-sorbet (0.8.1)
      sorbet-runtime (>= 0.5)
      yard (>= 0.9)

PLATFORMS
  x86_64-darwin-22
  x86_64-linux

DEPENDENCIES
  rake (~> 13.0)
  tapioca (~> 0.11.7)
  xrpc!

BUNDLED WITH
   2.4.10
